GEM
  remote: http://rubygems.org/
  specs:
    RedCloth (4.2.7)
    activemodel (3.0.5)
      activesupport (= 3.0.5)
      builder (~> 2.1.2)
      i18n (~> 0.4)
    activerecord (3.0.5)
      activemodel (= 3.0.5)
      activesupport (= 3.0.5)
      arel (~> 2.0.2)
      tzinfo (~> 0.3.23)
    activesupport (3.0.5)
    arel (2.0.9)
    builder (2.1.2)
    diff-lcs (1.1.2)
    git (1.2.5)
    i18n (0.5.0)
    jeweler (1.5.2)
      bundler (~> 1.0.0)
      git (>= 1.2.5)
      rake
    localized_each_validator (1.0.1)
      activerecord (>= 3.0)
      activesupport (>= 3.0)
    rake (0.8.7)
    rspec (2.5.0)
      rspec-core (~> 2.5.0)
      rspec-expectations (~> 2.5.0)
      rspec-mocks (~> 2.5.0)
    rspec-core (2.5.1)
    rspec-expectations (2.5.0)
      diff-lcs (~> 1.1.2)
    rspec-mocks (2.5.0)
    tzinfo (0.3.25)
    yard (0.6.5)

PLATFORMS
  ruby

DEPENDENCIES
  RedCloth
  jeweler
  localized_each_validator (>= 1.0.1)
  rspec
  yard
