GEM
  remote: http://rubygems.org/
  specs:
    RedCloth (4.2.3)
    activemodel (3.0.3)
      activesupport (= 3.0.3)
      builder (~> 2.1.2)
      i18n (~> 0.4)
    activerecord (3.0.3)
      activemodel (= 3.0.3)
      activesupport (= 3.0.3)
      arel (~> 2.0.2)
      tzinfo (~> 0.3.23)
    activesupport (3.0.3)
    arel (2.0.3)
    builder (2.1.2)
    git (1.2.5)
    i18n (0.4.2)
    jeweler (1.5.1)
      bundler (~> 1.0.0)
      git (>= 1.2.5)
      rake
    localized_each_validator (1.0.1)
      activerecord (>= 3.0)
      activesupport (>= 3.0)
    rake (0.8.7)
    tzinfo (0.3.23)
    yard (0.6.2)

PLATFORMS
  ruby

DEPENDENCIES
  RedCloth
  jeweler
  localized_each_validator (>= 1.0.1)
  yard
